GEM
  remote: http://rubygems.org/
  specs:
    addressable (2.3.3)
    amq-client (0.9.12)
      amq-protocol (>= 1.2.0)
      eventmachine
    amq-protocol (1.2.0)
    amqp (0.9.10)
      amq-client (~> 0.9.12)
      amq-protocol (~> 1.2.0)
      eventmachine
    cookiejar (0.3.0)
    em-http-request (1.0.3)
      addressable (>= 2.2.3)
      cookiejar
      em-socksify
      eventmachine (>= 1.0.0.beta.4)
      http_parser.rb (>= 0.5.3)
    em-socksify (0.2.1)
      eventmachine (>= 1.0.0.beta.4)
    eventmachine (1.0.3-x86-mingw32)
    faye (0.8.9)
      cookiejar (>= 0.3.0)
      em-http-request (>= 0.3.0)
      eventmachine (>= 0.12.0)
      faye-websocket (>= 0.4.0)
      rack (>= 1.0.0)
      yajl-ruby (>= 1.0.0)
    faye-websocket (0.4.7)
      eventmachine (>= 0.12.0)
    ffi (1.6.0-x86-mingw32)
    ffi-rzmq (1.0.0)
      ffi
    http_parser.rb (0.5.3-x86-mingw32)
    lockfile (2.1.0)
    mysql (2.9.1-x86-mingw32)
    rUtilAnts (1.0.1.20130320)
    rack (1.5.2)
    stomp (1.2.8)
    yajl-ruby (1.1.0-x86-mingw32)

PLATFORMS
  x86-mingw32

DEPENDENCIES
  amqp
  faye
  ffi-rzmq
  lockfile
  mysql
  rUtilAnts
  stomp
